GEM
  remote: https://rubygems.org/
  specs:
    rake (12.0.0)
    sass (3.4.24)

PLATFORMS
  ruby

DEPENDENCIES
  rake
  sass

BUNDLED WITH
   1.15.1
